GIT
  remote: http://github.com/sinatra/sinatra.git
  revision: ad648be044e962b385ea398a8bf46a982083813d
  specs:
    sinatra (1.1.0)
      rack (~> 1.1)
      tilt (~> 1.1)

GEM
  remote: http://rubygems.org/
  specs:
    crack (0.1.8)
    haml (3.0.21)
    hashie (0.4.0)
    httparty (0.6.1)
      crack (= 0.1.8)
    multi_json (0.0.4)
    oauth (0.4.3)
    rack (1.2.1)
    tilt (1.1)
    twitter (0.9.12)
      hashie (~> 0.4.0)
      httparty (~> 0.6.1)
      multi_json (~> 0.0.4)
      oauth (~> 0.4.3)

PLATFORMS
  ruby

DEPENDENCIES
  haml
  sinatra!
  twitter
